GEM
  remote: https://rubygems.org/
  specs:
    chronic (0.10.2)
    coderay (1.1.2)
    method_source (0.9.0)
    pry (0.11.3)
      coderay (~> 1.1.0)
      method_source (~> 0.9.0)
    values (1.8.0)

PLATFORMS
  ruby

DEPENDENCIES
  chronic
  pry
  values

BUNDLED WITH
   1.14.6
